GEM
  remote: https://rubygems.org/
  specs:
    byebug (9.0.6)
    ejson (1.0.2)
    fuzzy_match (2.1.0)
    net-scp (1.2.1)
      net-ssh (>= 2.6.5)
    net-ssh (4.1.0)
    parallel (1.11.2)
    sshkit (1.13.1)
      net-scp (>= 1.1.2)
      net-ssh (>= 2.8.0)

PLATFORMS
  ruby

DEPENDENCIES
  byebug
  ejson
  fuzzy_match (~> 2.1)
  parallel
  sshkit

BUNDLED WITH
   1.15.0
